GIT
  remote: git://github.com/gregbell/active_admin.git
  revision: eea827a3cfd4c4bab3c3171efaa1d91bf6cb836b
  specs:
    activeadmin (0.5.0)
      arbre (>= 1.0.1)
      bourbon (>= 1.0.0)
      devise (>= 1.1.2)
      fastercsv
      formtastic (>= 2.0.0)
      inherited_resources (>= 1.3.1)
      jquery-rails (>= 1.0.0)
      kaminari (>= 0.13.0)
      meta_search (>= 0.9.2)
      rails (>= 3.0.0)
      sass (>= 3.1.0)

GIT
  remote: https://github.com/norman/friendly_id.git
  revision: b07a13c943bd8a9432305adf4ce8c1ab5258bafa
  specs:
    friendly_id (4.0.9)

GIT
  remote: https://github.com/thoughtbot/shoulda.git
  revision: be82a80beea341c5eab032d85c796403c4b2db19
  specs:
    shoulda (3.3.2)
      shoulda-context (~> 1.0.1)
      shoulda-matchers (~> 1.4.1)

GEM
  remote: https://rubygems.org/
  specs:
    actionmailer (3.2.8)
      actionpack (= 3.2.8)
      mail (~> 2.4.4)
    actionpack (3.2.8)
      activemodel (= 3.2.8)
      activesupport (= 3.2.8)
      builder (~> 3.0.0)
      erubis (~> 2.7.0)
      journey (~> 1.0.4)
      rack (~> 1.4.0)
      rack-cache (~> 1.2)
      rack-test (~> 0.6.1)
      sprockets (~> 2.1.3)
    activemodel (3.2.8)
      activesupport (= 3.2.8)
      builder (~> 3.0.0)
    activerecord (3.2.8)
      activemodel (= 3.2.8)
      activesupport (= 3.2.8)
      arel (~> 3.0.2)
      tzinfo (~> 0.3.29)
    activeresource (3.2.8)
      activemodel (= 3.2.8)
      activesupport (= 3.2.8)
    activesupport (3.2.8)
      i18n (~> 0.6)
      multi_json (~> 1.0)
    acts_as_commentable (4.0.0)
    addressable (2.3.2)
    airbrake (3.1.6)
      builder
      girl_friday
    arbre (1.0.1)
      activesupport (>= 3.0.0)
    arel (3.0.2)
    awesome_print (1.1.0)
    bcrypt-ruby (3.0.1)
    bourbon (2.1.2)
      sass (>= 3.2)
      thor
    bourne (1.2.0)
      mocha (= 0.12.3)
    brakeman (1.8.3)
      activesupport
      erubis (~> 2.6)
      fastercsv (~> 1.5)
      haml (~> 3.0)
      highline (~> 1.6)
      i18n
      multi_json (~> 1.3)
      ruby2ruby (~> 1.2)
      ruby_parser (= 2.3.1)
      sass (~> 3.0)
      terminal-table (~> 1.4)
    builder (3.0.4)
    capybara (1.1.3)
      mime-types (>= 1.16)
      nokogiri (>= 1.3.3)
      rack (>= 1.0.0)
      rack-test (>= 0.5.4)
      selenium-webdriver (~> 2.0)
      xpath (~> 0.1.4)
    capybara-webkit (0.13.0)
      capybara (>= 1.0.0, < 1.2)
      json
    childprocess (0.3.6)
      ffi (~> 1.0, >= 1.0.6)
    clearance (0.16.3)
      diesel (~> 0.1.5)
      rails (>= 3.0)
    cocaine (0.4.2)
    coderay (1.0.8)
    coffee-rails (3.2.2)
      coffee-script (>= 2.2.0)
      railties (~> 3.2.0)
    coffee-script (2.2.0)
      coffee-script-source
      execjs
    coffee-script-source (1.4.0)
    connection_pool (0.9.2)
    css_sprite (1.5.0)
      mocha
      rmagick
      rspec
    daemons (1.1.9)
    database_cleaner (0.9.1)
    devise (2.1.2)
      bcrypt-ruby (~> 3.0)
      orm_adapter (~> 0.1)
      railties (~> 3.1)
      warden (~> 1.2.1)
    diesel (0.1.5)
      railties
    diff-lcs (1.1.3)
    draper (0.18.0)
      actionpack (~> 3.2)
      activesupport (~> 3.2)
    erubis (2.7.0)
    escape_utils (0.2.4)
    eventmachine (1.0.0)
    execjs (1.4.0)
      multi_json (~> 1.0)
    factory_girl (4.1.0)
      activesupport (>= 3.0.0)
    factory_girl_rails (4.1.0)
      factory_girl (~> 4.1.0)
      railties (>= 3.0.0)
    fastercsv (1.5.5)
    ffi (1.2.0)
    flutie (1.3.3)
    foreman (0.60.2)
      thor (>= 0.13.6)
    formtastic (2.2.1)
      actionpack (>= 3.0)
    girl_friday (0.11.1)
      connection_pool (~> 0.9.0)
      rubinius-actor
    guard (1.5.4)
      listen (>= 0.4.2)
      lumberjack (>= 1.0.2)
      pry (>= 0.9.10)
      thor (>= 0.14.6)
    guard-spork (1.2.3)
      childprocess (>= 0.2.3)
      guard (>= 1.1)
      spork (>= 0.8.4)
      sys-proctable
    haml (3.1.7)
    has_scope (0.5.1)
    high_voltage (1.2.1)
    highline (1.6.15)
    hike (1.2.1)
    hirb (0.7.0)
    htmlentities (4.3.1)
    i18n (0.6.1)
    inherited_resources (1.3.1)
      has_scope (~> 0.5.0)
      responders (~> 0.6)
    journey (1.0.4)
    jquery-rails (2.1.3)
      railties (>= 3.1.0, < 5.0)
      thor (~> 0.14)
    json (1.7.5)
    kaminari (0.14.1)
      actionpack (>= 3.0.0)
      activesupport (>= 3.0.0)
    launchy (2.1.2)
      addressable (~> 2.3)
    libwebsocket (0.1.6.1)
      websocket
    listen (0.6.0)
    lumberjack (1.0.2)
    mail (2.4.4)
      i18n (>= 0.4.0)
      mime-types (~> 1.16)
      treetop (~> 1.4.8)
    meta_search (1.1.3)
      actionpack (~> 3.1)
      activerecord (~> 3.1)
      activesupport (~> 3.1)
      polyamorous (~> 0.5.0)
    metaclass (0.0.1)
    method_source (0.8.1)
    mime-types (1.19)
    mocha (0.12.3)
      metaclass (~> 0.0.1)
    multi_json (1.3.7)
    newrelic_rpm (3.5.2.17)
    nokogiri (1.5.5)
    orm_adapter (0.4.0)
    paperclip (3.3.1)
      activemodel (>= 3.0.0)
      activerecord (>= 3.0.0)
      activesupport (>= 3.0.0)
      cocaine (~> 0.4.0)
      mime-types
    pg (0.14.1)
    polyamorous (0.5.0)
      activerecord (~> 3.0)
    polyglot (0.3.3)
    pry (0.9.10)
      coderay (~> 1.0.5)
      method_source (~> 0.8)
      slop (~> 3.3.1)
    rack (1.4.1)
    rack-cache (1.2)
      rack (>= 0.4)
    rack-ssl (1.3.2)
      rack
    rack-test (0.6.2)
      rack (>= 1.0)
    rails (3.2.8)
      actionmailer (= 3.2.8)
      actionpack (= 3.2.8)
      activerecord (= 3.2.8)
      activeresource (= 3.2.8)
      activesupport (= 3.2.8)
      bundler (~> 1.0)
      railties (= 3.2.8)
    railties (3.2.8)
      actionpack (= 3.2.8)
      activesupport (= 3.2.8)
      rack-ssl (~> 1.3.2)
      rake (>= 0.8.7)
      rdoc (~> 3.4)
      thor (>= 0.14.6, < 2.0)
    rake (10.0.2)
    rdoc (3.12)
      json (~> 1.4)
    responders (0.9.3)
      railties (~> 3.1)
    rmagick (2.13.1)
    rspec (2.12.0)
      rspec-core (~> 2.12.0)
      rspec-expectations (~> 2.12.0)
      rspec-mocks (~> 2.12.0)
    rspec-core (2.12.0)
    rspec-expectations (2.12.0)
      diff-lcs (~> 1.1.3)
    rspec-mocks (2.12.0)
    rubinius-actor (0.0.2)
      rubinius-core-api
    rubinius-core-api (0.0.1)
    ruby2ruby (1.3.1)
      ruby_parser (~> 2.0)
      sexp_processor (~> 3.0)
    ruby_parser (2.3.1)
      sexp_processor (~> 3.0)
    rubyzip (0.9.9)
    sass (3.2.3)
    sass-rails (3.2.5)
      railties (~> 3.2.0)
      sass (>= 3.1.10)
      tilt (~> 1.3)
    selenium-webdriver (2.26.0)
      childprocess (>= 0.2.5)
      libwebsocket (~> 0.1.3)
      multi_json (~> 1.0)
      rubyzip
    sexp_processor (3.2.0)
    sham_rack (1.3.4)
      rack
    shoulda-context (1.0.1)
    shoulda-matchers (1.4.1)
      activesupport (>= 3.0.0)
    simplecov (0.7.1)
      multi_json (~> 1.0)
      simplecov-html (~> 0.7.1)
    simplecov-html (0.7.1)
    slop (3.3.3)
    spork (0.9.2)
    sprockets (2.1.3)
      hike (~> 1.2)
      rack (~> 1.0)
      tilt (~> 1.1, != 1.3.0)
    sys-proctable (0.9.2)
    tabs_on_rails (2.1.1)
    terminal-table (1.4.5)
    test-unit (2.5.2)
    thin (1.5.0)
      daemons (>= 1.0.9)
      eventmachine (>= 0.12.6)
      rack (>= 1.0.0)
    thor (0.16.0)
    tilt (1.3.3)
    timecop (0.5.3)
    treetop (1.4.12)
      polyglot
      polyglot (>= 0.3.1)
    tzinfo (0.3.35)
    uglifier (1.3.0)
      execjs (>= 0.3.0)
      multi_json (~> 1.0, >= 1.0.2)
    validate_url (0.2.0)
      activemodel (>= 3.0.0)
    warden (1.2.1)
      rack (>= 1.0)
    websocket (1.0.4)
    what_methods (1.0.1)
    wirble (0.1.3)
    xpath (0.1.4)
      nokogiri (~> 1.3)

PLATFORMS
  ruby

DEPENDENCIES
  activeadmin!
  acts_as_commentable
  airbrake
  awesome_print
  bourbon
  bourne
  brakeman
  capybara
  capybara-webkit
  clearance
  coffee-rails (~> 3.2.1)
  css_sprite
  database_cleaner
  draper
  escape_utils
  factory_girl_rails
  flutie
  foreman
  formtastic
  friendly_id!
  guard
  guard-spork
  haml
  high_voltage
  hirb
  htmlentities
  jquery-rails
  kaminari
  launchy
  newrelic_rpm
  paperclip
  pg
  rails (= 3.2.8)
  sass-rails (~> 3.2.3)
  sham_rack
  shoulda!
  simplecov
  tabs_on_rails
  test-unit
  thin
  timecop
  uglifier (>= 1.0.3)
  validate_url
  what_methods
  wirble
